GEM
  specs:
    BlueCloth (1.0.1)
    coderay (0.9.8)
    kontrol (0.3.3)
    rack (1.2.3)
    rubypants (0.2.0)
    shinmun (1.0.1)
      BlueCloth
      coderay (>= 0.9.1)
      kontrol (>= 0.3.1)
      rack (>= 1.0)
      rubypants

PLATFORMS
  ruby

DEPENDENCIES
  shinmun
